GIT
  remote: git://github.com/gregbell/active_admin.git
  revision: 02ff1623590ba67042306a2d046d095aa9b70305
  specs:
    activeadmin (0.6.0)
      arbre (>= 1.0.1)
      bourbon (>= 1.0.0)
      devise (>= 1.1.2)
      fastercsv
      formtastic (>= 2.0.0)
      inherited_resources (>= 1.3.1)
      jquery-rails (>= 1.0.0, < 3.0.0)
      kaminari (>= 0.13.0)
      meta_search (>= 0.9.2)
      rails (>= 3.0.0)
      sass (>= 3.1.0)

GEM
  remote: https://rubygems.org/
  specs:
    actionmailer (3.2.14)
      actionpack (= 3.2.14)
      mail (~> 2.5.4)
    actionpack (3.2.14)
      activemodel (= 3.2.14)
      activesupport (= 3.2.14)
      builder (~> 3.0.0)
      erubis (~> 2.7.0)
      journey (~> 1.0.4)
      rack (~> 1.4.5)
      rack-cache (~> 1.2)
      rack-test (~> 0.6.1)
      sprockets (~> 2.2.1)
    active_model_serializers (0.8.1)
      activemodel (>= 3.0)
    activemodel (3.2.14)
      activesupport (= 3.2.14)
      builder (~> 3.0.0)
    activerecord (3.2.14)
      activemodel (= 3.2.14)
      activesupport (= 3.2.14)
      arel (~> 3.0.2)
      tzinfo (~> 0.3.29)
    activeresource (3.2.14)
      activemodel (= 3.2.14)
      activesupport (= 3.2.14)
    activesupport (3.2.14)
      i18n (~> 0.6, >= 0.6.4)
      multi_json (~> 1.0)
    acts-as-taggable-on (2.4.1)
      rails (>= 3, < 5)
    acts_as_commentable (4.0.0)
    addressable (2.3.5)
    arbre (1.0.1)
      activesupport (>= 3.0.0)
    arel (3.0.2)
    aws-s3 (0.6.3)
      builder
      mime-types
      xml-simple
    aws-sdk (1.11.1)
      json (~> 1.4)
      nokogiri (>= 1.4.4)
      uuidtools (~> 2.1)
    bcrypt-ruby (3.1.1)
    bourbon (3.1.8)
      sass (>= 3.2.0)
      thor
    builder (3.0.4)
    capybara (2.1.0)
      mime-types (>= 1.16)
      nokogiri (>= 1.3.3)
      rack (>= 1.0.0)
      rack-test (>= 0.5.4)
      xpath (~> 2.0)
    ckeditor (4.0.4)
      mime-types
      orm_adapter
    climate_control (0.0.3)
      activesupport (>= 3.0)
    cocaine (0.5.1)
      climate_control (>= 0.0.3, < 1.0)
    coffee-rails (3.2.2)
      coffee-script (>= 2.2.0)
      railties (~> 3.2.0)
    coffee-script (2.2.0)
      coffee-script-source
      execjs
    coffee-script-source (1.6.3)
    columnize (0.3.6)
    crack (0.4.1)
      safe_yaml (~> 0.9.0)
    debugger (1.6.1)
      columnize (>= 0.3.1)
      debugger-linecache (~> 1.2.0)
      debugger-ruby_core_source (~> 1.2.3)
    debugger-linecache (1.2.0)
    debugger-ruby_core_source (1.2.3)
    devise (3.0.1)
      bcrypt-ruby (~> 3.0)
      orm_adapter (~> 0.1)
      railties (>= 3.2.6, < 5)
      warden (~> 1.2.3)
    diff-lcs (1.2.4)
    eco (1.0.0)
      coffee-script
      eco-source
      execjs
    eco-source (1.1.0.rc.1)
    erubis (2.7.0)
    ethon (0.5.12)
      ffi (>= 1.3.0)
      mime-types (~> 1.18)
    execjs (1.4.0)
      multi_json (~> 1.0)
    factory_girl (4.2.0)
      activesupport (>= 3.0.0)
    factory_girl_rails (4.2.1)
      factory_girl (~> 4.2.0)
      railties (>= 3.0.0)
    faraday (0.8.8)
      multipart-post (~> 1.2.0)
    fastercsv (1.5.5)
    ffi (1.9.0)
    formtastic (2.2.1)
      actionpack (>= 3.0)
    has_scope (0.6.0.rc)
      actionpack (>= 3.2, < 5)
      activesupport (>= 3.2, < 5)
    hashie (2.0.5)
    hike (1.2.3)
    httpauth (0.2.0)
    i18n (0.6.4)
    inherited_resources (1.4.1)
      has_scope (~> 0.6.0.rc)
      responders (~> 1.0.0.rc)
    iron_core (1.0.1)
      rest (>= 2.2.0)
    iron_worker_ng (1.0.1)
      bundler (>= 1.2.0)
      iron_core (>= 1.0.0)
      rubyzip (>= 0.9.9)
    journey (1.0.4)
    jquery-fileupload-rails (0.4.1)
      actionpack (>= 3.1)
      railties (>= 3.1)
    jquery-rails (2.3.0)
      railties (>= 3.0, < 5.0)
      thor (>= 0.14, < 2.0)
    json (1.8.0)
    json2-rails (1.0.0)
    jwt (0.1.8)
      multi_json (>= 1.5)
    kaminari (0.14.1)
      actionpack (>= 3.0.0)
      activesupport (>= 3.0.0)
    mail (2.5.4)
      mime-types (~> 1.16)
      treetop (~> 1.4.8)
    meta_search (1.1.3)
      actionpack (~> 3.1)
      activerecord (~> 3.1)
      activesupport (~> 3.1)
      polyamorous (~> 0.5.0)
    mime-types (1.23)
    mini_magick (3.6.0)
      subexec (~> 0.2.1)
    mini_portile (0.5.1)
    multi_json (1.7.8)
    multipart-post (1.2.0)
    net-http-persistent (2.9)
    newrelic_rpm (3.6.6.147)
    nokogiri (1.6.0)
      mini_portile (~> 0.5.0)
    oauth2 (0.8.1)
      faraday (~> 0.8)
      httpauth (~> 0.1)
      jwt (~> 0.1.4)
      multi_json (~> 1.0)
      rack (~> 1.2)
    omniauth (1.1.4)
      hashie (>= 1.2, < 3)
      rack
    omniauth-instagram (1.0.1)
      omniauth (~> 1.0)
      omniauth-oauth2 (~> 1.0)
    omniauth-oauth2 (1.1.1)
      oauth2 (~> 0.8.0)
      omniauth (~> 1.0)
    orm_adapter (0.4.0)
    paperclip (3.5.1)
      activemodel (>= 3.0.0)
      activesupport (>= 3.0.0)
      cocaine (~> 0.5.0)
      mime-types
    pg (0.16.0)
    polyamorous (0.5.0)
      activerecord (~> 3.0)
    polyglot (0.3.3)
    puma (2.4.0)
      rack (>= 1.1, < 2.0)
    quiet_assets (1.0.2)
      railties (>= 3.1, < 5.0)
    rack (1.4.5)
    rack-cache (1.2)
      rack (>= 0.4)
    rack-ssl (1.3.3)
      rack
    rack-test (0.6.2)
      rack (>= 1.0)
    rails (3.2.14)
      actionmailer (= 3.2.14)
      actionpack (= 3.2.14)
      activerecord (= 3.2.14)
      activeresource (= 3.2.14)
      activesupport (= 3.2.14)
      bundler (~> 1.0)
      railties (= 3.2.14)
    railties (3.2.14)
      actionpack (= 3.2.14)
      activesupport (= 3.2.14)
      rack-ssl (~> 1.3.2)
      rake (>= 0.8.7)
      rdoc (~> 3.4)
      thor (>= 0.14.6, < 2.0)
    rake (10.1.0)
    rdoc (3.12.2)
      json (~> 1.4)
    responders (1.0.0.rc)
      railties (>= 3.2, < 5)
    rest (2.6.3)
      net-http-persistent
      rest-client (>= 0.3.0)
    rest-client (1.6.7)
      mime-types (>= 1.16)
    rspec-core (2.14.4)
    rspec-expectations (2.14.0)
      diff-lcs (>= 1.1.3, < 2.0)
    rspec-mocks (2.14.2)
    rspec-rails (2.14.0)
      actionpack (>= 3.0)
      activesupport (>= 3.0)
      railties (>= 3.0)
      rspec-core (~> 2.14.0)
      rspec-expectations (~> 2.14.0)
      rspec-mocks (~> 2.14.0)
    rubyzip (0.9.9)
    safe_yaml (0.9.5)
    sass (3.2.10)
    sass-rails (3.2.6)
      railties (~> 3.2.0)
      sass (>= 3.1.10)
      tilt (~> 1.3)
    select2-rails (3.4.7)
      sass-rails
      thor (~> 0.14)
    sentry-raven (0.6.0)
      faraday (>= 0.7.6)
      hashie (>= 1.1.0)
      uuidtools
    simple_form (2.1.0)
      actionpack (~> 3.0)
      activemodel (~> 3.0)
    simplecov (0.7.1)
      multi_json (~> 1.0)
      simplecov-html (~> 0.7.1)
    simplecov-html (0.7.1)
    slim (2.0.1)
      temple (~> 0.6.6)
      tilt (>= 1.3.3, < 2.1)
    socialization (1.0.0)
      activerecord
    spiderable (0.0.3)
      faraday
    spine-rails (0.1.1)
      json2-rails (>= 0.0.2)
      rails (>= 3.1.0)
    sprockets (2.2.2)
      hike (~> 1.2)
      multi_json (~> 1.0)
      rack (~> 1.0)
      tilt (~> 1.1, != 1.3.0)
    subexec (0.2.3)
    temple (0.6.6)
    thor (0.18.1)
    tilt (1.4.1)
    treetop (1.4.14)
      polyglot
      polyglot (>= 0.3.1)
    turbo-sprockets-rails3 (0.3.6)
      railties (> 3.2.8, < 4.0.0)
      sprockets (>= 2.0.0)
    typhoeus (0.6.3)
      ethon (~> 0.5.11)
    tzinfo (0.3.37)
    uglifier (2.1.2)
      execjs (>= 0.3.0)
      multi_json (~> 1.0, >= 1.0.2)
    uniquify (0.1.0)
    uuidtools (2.1.4)
    vcr (2.5.0)
    warden (1.2.3)
      rack (>= 1.0)
    webmock (1.13.0)
      addressable (>= 2.2.7)
      crack (>= 0.3.2)
    xml-simple (1.1.2)
    xpath (2.0.0)
      nokogiri (~> 1.3)

PLATFORMS
  ruby

DEPENDENCIES
  active_model_serializers
  activeadmin!
  acts-as-taggable-on
  acts_as_commentable
  aws-s3
  aws-sdk
  capybara
  ckeditor
  coffee-rails
  debugger
  devise
  eco
  factory_girl_rails
  iron_worker_ng
  jquery-fileupload-rails
  jquery-rails
  json
  kaminari
  mini_magick
  newrelic_rpm
  omniauth
  omniauth-instagram
  paperclip
  pg
  puma
  quiet_assets
  rails
  rspec-rails
  sass-rails
  select2-rails
  sentry-raven
  simple_form
  simplecov
  slim
  socialization
  spiderable
  spine-rails
  turbo-sprockets-rails3
  typhoeus
  uglifier
  uniquify
  vcr
  webmock
